PATH
  remote: .
  specs:
    score_generator (0.1.0)
      prawn (~> 2.4)

GEM
  remote: https://rubygems.org/
  specs:
    diff-lcs (1.4.4)
    pdf-core (0.9.0)
    prawn (2.4.0)
      pdf-core (~> 0.9.0)
      ttfunk (~> 1.7)
    rake (13.0.6)
    rspec (3.10.0)
      rspec-core (~> 3.10.0)
      rspec-expectations (~> 3.10.0)
      rspec-mocks (~> 3.10.0)
    rspec-core (3.10.1)
      rspec-support (~> 3.10.0)
    rspec-expectations (3.10.1)
      diff-lcs (>= 1.2.0, < 2.0)
      rspec-support (~> 3.10.0)
    rspec-mocks (3.10.2)
      diff-lcs (>= 1.2.0, < 2.0)
      rspec-support (~> 3.10.0)
    rspec-support (3.10.2)
    ttfunk (1.7.0)

PLATFORMS
  x86_64-linux

DEPENDENCIES
  prawn (~> 2.4)
  rake (~> 13.0)
  rspec (~> 3.0)
  score_generator!

BUNDLED WITH
   2.2.22
